GEM
  remote: https://rubygems.org/
  specs:
    sass (3.4.11)

PLATFORMS
  ruby

DEPENDENCIES
  bundler (~> 1.7.4)
  sass (~> 3.4.11)
